{
  "InstitutionAddress": "9500 Gilman Drive, La Jolla CA 92093, USA",
  "InstitutionName": "University of California, San Diego",
  "InstitutionalDepartmentName": "Institute of Neural Computation",
  "PowerLineFrequency": 60,
  "ManufacturersModelName": "Snapmaster",
  "TaskName": "HBN-data",
  "EEGReference": "common",
  "RecordingType": "continuous",
  "RecordingDuration": 119,
  "SamplingFrequency": 500,
  "EEGChannelCount": "",
  "EOGChannelCount": 0,
  "ECGChannelCount": 0,
  "EMGChannelCount": 0,
  "SoftwareFilters": "n/a"
}